PATH
  remote: .
  specs:
    tvdbr (0.2.0)
      hashie
      httparty (>= 0.8.0)

GEM
  remote: http://rubygems.org/
  specs:
    activesupport (3.0.0)
    hashie (1.2.0)
    httparty (0.9.0)
      multi_json (~> 1.0)
      multi_xml
    i18n (0.6.1)
    multi_json (1.3.6)
    multi_xml (0.5.1)
    nokogiri (1.5.5)
    rake (0.8.7)

PLATFORMS
  ruby

DEPENDENCIES
  activesupport
  i18n
  nokogiri
  rake
  tvdbr!
